PATH
  remote: .
  specs:
    redfish (0.1.1)
      erb
      redcarpet

GEM
  remote: https://rubygems.org/
  specs:
    ast (2.4.2)
    cgi (0.4.1)
    coderay (1.1.3)
    erb (4.0.4)
      cgi (>= 0.3.3)
    erubi (1.12.0)
    ffi (1.16.3)
    fileutils (1.7.2)
    json (2.7.1)
    language_server-protocol (3.17.0.3)
    listen (3.8.0)
      rb-fsevent (~> 0.10, >= 0.10.3)
      rb-inotify (~> 0.9, >= 0.9.10)
    method_source (1.0.0)
    minitest (5.20.0)
    optparse (0.4.0)
    parallel (1.24.0)
    parser (3.3.0.2)
      ast (~> 2.4.1)
      racc
    pry (0.14.2)
      coderay (~> 1.1)
      method_source (~> 1.0)
    racc (1.7.3)
    rainbow (3.1.1)
    rake (13.1.0)
    rb-fsevent (0.11.2)
    rb-inotify (0.10.1)
      ffi (~> 1.0)
    redcarpet (3.6.0)
    regexp_parser (2.9.0)
    rexml (3.2.6)
    rubocop (1.59.0)
      json (~> 2.3)
      language_server-protocol (>= 3.17.0)
      parallel (~> 1.10)
      parser (>= 3.2.2.4)
      rainbow (>= 2.2.2, < 4.0)
      regexp_parser (>= 1.8, < 3.0)
      rexml (>= 3.2.5, < 4.0)
      rubocop-ast (>= 1.30.0, < 2.0)
      ruby-progressbar (~> 1.7)
      unicode-display_width (>= 2.4.0, < 3.0)
    rubocop-ast (1.30.0)
      parser (>= 3.2.1.0)
    ruby-progressbar (1.13.0)
    unicode-display_width (2.5.0)
    zeitwerk (2.6.12)

PLATFORMS
  arm64-darwin-21

DEPENDENCIES
  erubi
  fileutils
  listen
  minitest (~> 5.0)
  optparse
  pry
  rake (~> 13.0)
  redcarpet
  redfish!
  rubocop (~> 1.21)
  zeitwerk

BUNDLED WITH
   2.5.4
